GIT
  remote: https://github.com/bumi/dropbox-api.git
  revision: 66e9f4e4f9b6011e99a6352a9b0361b50427245b
  specs:
    dropbox-api (0.2.1)
      hashie
      oauth
      yajl-ruby

GEM
  remote: http://rubygems.org/
  specs:
    diff-lcs (1.1.3)
    dropbox-sdk (1.3)
      json
    flowdock (0.2.1)
      httparty (~> 0.7)
      multi_json
    foreman (0.41.0)
      thor (>= 0.13.6)
    hashie (1.2.0)
    httparty (0.8.3)
      multi_json (~> 1.0)
      multi_xml
    json (1.7.3)
    multi_json (1.3.5)
    multi_xml (0.5.1)
    oauth (0.4.6)
    rake (0.9.2.2)
    rspec (2.10.0)
      rspec-core (~> 2.10.0)
      rspec-expectations (~> 2.10.0)
      rspec-mocks (~> 2.10.0)
    rspec-core (2.10.1)
    rspec-expectations (2.10.0)
      diff-lcs (~> 1.1.3)
    rspec-mocks (2.10.1)
    thor (0.14.6)
    yajl-ruby (1.1.0)

PLATFORMS
  ruby

DEPENDENCIES
  dropbox-api!
  dropbox-sdk
  flowdock
  foreman
  multi_json
  rake
  rspec
